NUGET
  remote: https://www.nuget.org/api/v2
    Expression.Blend.Sdk (1.0.2) - framework: >= net45
    FAKE (4.20)
    FSharp.Compiler.Service (2.0.0.5)
    FSharp.Control.AsyncSeq (2.0.3)
    FSharp.Control.Reactive (3.2)
      FSharp.Core (>= 3.1.2)
      Rx-Core (>= 2.2.5)
      Rx-Interfaces (>= 2.2.5)
      Rx-Linq (>= 2.2.5)
    FSharp.Core (4.0.0.1)
    FSharp.Formatting (2.14)
      FSharp.Compiler.Service (>= 2.0.0.3 < 2.1)
      FSharpVSPowerTools.Core (>= 2.3 < 2.4)
    FSharp.ViewModule.Core (0.9.9.2)
    FSharpVSPowerTools.Core (2.3)
      FSharp.Compiler.Service (>= 2.0.0.3)
    FsXaml.Wpf (0.9.9)
      Expression.Blend.Sdk (>= 1.0.2) - framework: >= net45
    NuGet.CommandLine (3.3)
    NUnit (3.0.1)
    NUnit.Console (3.0.1)
    NUnit.Runners (3.0.1)
      NUnit.Console (3.0.1)
    OxyPlot.Core (1.0)
    OxyPlot.GtkSharp (1.0)
      OxyPlot.Core (1.0)
    OxyPlot.Wpf (1.0)
      OxyPlot.Core (1.0)
    Rx-Core (2.2.5)
      Rx-Interfaces (>= 2.2.5)
    Rx-Interfaces (2.2.5)
    Rx-Linq (2.2.5)
      Rx-Core (>= 2.2.5)
      Rx-Interfaces (>= 2.2.5)
    Rx-Main (2.2.5)
      Rx-Core (>= 2.2.5)
      Rx-Interfaces (>= 2.2.5)
      Rx-Linq (>= 2.2.5)
      Rx-PlatformServices (>= 2.2.5)
    Rx-PlatformServices (2.2.5)
      Rx-Core (>= 2.2.5)
      Rx-Interfaces (>= 2.2.5)
    Rx-Xaml (2.2.5)
      Rx-Main (>= 2.2.5)
    WpfControls.AutoCompleteTextBox (1.0.0.7)
