NUGET
  remote: https://nuget.org/api/v2
  specs:
    FAKE (3.35.4)
    FSharp.Compiler.Service (0.0.90)
    FSharp.Formatting (2.9.9)
      FSharp.Compiler.Service (>= 0.0.87)
      FSharpVSPowerTools.Core (1.8.0)
    FSharpVSPowerTools.Core (1.8.0)
      FSharp.Compiler.Service (>= 0.0.87)
    GtkSharp (3.1.2)
    NuGet.CommandLine (2.8.5)
    NUnit (2.6.4)
    NUnit.Runners (2.6.4)
    OxyPlot.Core (2014.1.546)
    OxyPlot.GtkSharp (2014.1.546)
      OxyPlot.Core (2014.1.546)
