NUGET
  remote: https://www.nuget.org/api/v2
  specs:
    Expression.Blend.Sdk (1.0.2) - framework: >= net45
    FAKE (4.7.2)
    FSharp.Compiler.Service (1.4.0.6)
    FSharp.Control.AsyncSeq (2.0.2)
    FSharp.Control.Reactive (3.2.0)
      FSharp.Core (>= 3.1.2)
      Rx-Core (>= 2.2.5)
      Rx-Interfaces (>= 2.2.5)
      Rx-Linq (>= 2.2.5)
    FSharp.Core (4.0.0.1)
    FSharp.Formatting (2.12.0)
      FSharp.Compiler.Service (1.4.0.6)
      FSharpVSPowerTools.Core (2.1.0)
    FSharp.ViewModule.Core (0.9.9.2)
    FSharpVSPowerTools.Core (2.1.0)
      FSharp.Compiler.Service (>= 1.4.0.6)
    FsXaml.Wpf (0.9.9)
      Expression.Blend.Sdk (>= 1.0.2) - framework: >= net45
    NuGet.CommandLine (2.8.6)
    NUnit (2.6.4)
    NUnit.Runners (2.6.4)
    OxyPlot.Core (2014.1.546)
    OxyPlot.GtkSharp (2014.1.546)
      OxyPlot.Core (2014.1.546)
    OxyPlot.Wpf (2014.1.546)
      OxyPlot.Core (2014.1.546)
    Rx-Core (2.2.5)
      Rx-Interfaces (>= 2.2.5)
    Rx-Interfaces (2.2.5)
    Rx-Linq (2.2.5)
      Rx-Core (>= 2.2.5)
      Rx-Interfaces (>= 2.2.5)
    Rx-Main (2.2.5)
      Rx-Core (>= 2.2.5)
      Rx-Interfaces (>= 2.2.5)
      Rx-Linq (>= 2.2.5)
      Rx-PlatformServices (>= 2.2.5)
    Rx-PlatformServices (2.3)
      Rx-Core (>= 2.2)
      Rx-Interfaces (>= 2.2)
    Rx-Xaml (2.2.5)
      Rx-Main (>= 2.2.5)
    WpfControls.AutoCompleteTextBox (1.0.0.7)
