NUGET
  remote: https://nuget.org/api/v2
  specs:
    FAKE (3.28.7)
    FSharp.Compiler.Service (0.0.89)
    FSharp.Formatting (2.8.0)
      FSharp.Compiler.Service (>= 0.0.86)
      FSharpVSPowerTools.Core (>= 1.7.0)
    FSharpVSPowerTools.Core (1.8.0)
      FSharp.Compiler.Service (>= 0.0.87)
    GtkSharp (3.1.2)
    NuGet.CommandLine (2.8.5)
    NUnit (2.6.4)
    NUnit.Runners (2.6.4)
    OxyPlot.Core (2013.2.119.1)
    OxyPlot.GtkSharp (2013.2.119.1)
      OxyPlot.Core
